GIT
  remote: git://github.com/CocoaPods/CocoaPods.git
  revision: cc2826bfa231885dd850576421e98c003373e261
  branch: master
  specs:
    cocoapods (0.21.0.rc1)
      activesupport (~> 3.2.13)
      claide (~> 0.3.2)
      cocoapods-core (= 0.21.0.rc1)
      cocoapods-downloader (~> 0.1.1)
      colored (~> 1.2)
      escape (~> 0.0.4)
      json (~> 1.8.0)
      open4 (~> 1.3.0)
      xcodeproj (~> 0.7.0)

GIT
  remote: git://github.com/CocoaPods/Core.git
  revision: 6e817dc96cdaf7b76d1ecb87e4676465b948f105
  branch: master
  specs:
    cocoapods-core (0.21.0.rc1)
      activesupport (~> 3.2.13)
      json (~> 1.8.0)
      nap (~> 0.5.1)

GEM
  remote: http://rubygems.org/
  specs:
    activesupport (3.2.13)
      i18n (= 0.6.1)
      multi_json (~> 1.0)
    claide (0.3.2)
    cocoapods-downloader (0.1.1)
    colored (1.2)
    escape (0.0.4)
    i18n (0.6.1)
    json (1.8.0)
    multi_json (1.7.7)
    nap (0.5.1)
    open4 (1.3.0)
    rake (10.0.4)
    xcodeproj (0.7.0)
      activesupport (~> 3.2.13)
      colored (~> 1.2)

PLATFORMS
  ruby

DEPENDENCIES
  cocoapods!
  cocoapods-core!
  rake
